GEM
  remote: http://rubygems.org/
  specs:
    amq-protocol (2.0.1)
    awesome_print (1.7.0)
    bunny (2.6.1)
      amq-protocol (>= 2.0.1)
    byebug (9.0.6)
    coderay (1.1.1)
    elasticsearch (5.0.0)
      elasticsearch-api (= 5.0.0)
      elasticsearch-transport (= 5.0.0)
    elasticsearch-api (5.0.0)
      multi_json
    elasticsearch-transport (5.0.0)
      faraday
      multi_json
    ethon (0.9.1)
      ffi (>= 1.3.0)
    faraday (0.10.0)
      multipart-post (>= 1.2, < 3)
    ffi (1.9.14)
    method_source (0.8.2)
    multi_json (1.12.1)
    multipart-post (2.0.0)
    oj (2.17.5)
    pry (0.10.4)
      coderay (~> 1.1.0)
      method_source (~> 0.8.1)
      slop (~> 3.4)
    pry-byebug (3.4.1)
      byebug (~> 9.0)
      pry (~> 0.10)
    pry-state (0.1.8)
      pry (>= 0.9.10, < 0.11.0)
    slop (3.6.0)
    typhoeus (1.1.0)
      ethon (>= 0.9.0)

PLATFORMS
  ruby

DEPENDENCIES
  awesome_print
  bunny
  elasticsearch
  multi_json
  oj
  pry
  pry-byebug
  pry-state
  typhoeus

RUBY VERSION
   ruby 2.3.3p222

BUNDLED WITH
   1.13.6
